GEM
  remote: https://rubygems.org/
  specs:
    addressable (2.7.0)
      public_suffix (>= 2.0.2, < 5.0)
    cliver (0.3.2)
    concurrent-ruby (1.1.8)
    easy_translate (0.5.1)
      thread
      thread_safe
    ferrum (0.11)
      addressable (~> 2.5)
      cliver (~> 0.3)
      concurrent-ruby (~> 1.1)
      websocket-driver (>= 0.6, < 0.8)
    public_suffix (4.0.6)
    sequel (5.44.0)
    terminal-table (3.0.1)
      unicode-display_width (>= 1.1.1, < 3)
    thread (0.2.2)
    thread_safe (0.3.6)
    unicode-display_width (2.0.0)
    websocket-driver (0.7.3)
      websocket-extensions (>= 0.1.0)
    websocket-extensions (0.1.5)
    zeitwerk (2.4.2)

PLATFORMS
  x86_64-linux

DEPENDENCIES
  easy_translate
  ferrum
  sequel
  terminal-table
  zeitwerk

BUNDLED WITH
   2.2.3
