GEM
  remote: https://rubygems.org/
  specs:
    addressable (2.8.0)
      public_suffix (>= 2.0.2, < 5.0)
    airbrussh (1.4.0)
      sshkit (>= 1.6.1, != 1.7.0)
    capistrano (3.16.0)
      airbrussh (>= 1.0.0)
      i18n
      rake (>= 10.0.0)
      sshkit (>= 1.9.0)
    capistrano-bundler (2.0.1)
      capistrano (~> 3.1)
    cliver (0.3.2)
    coderay (1.1.3)
    concurrent-ruby (1.1.9)
    database_cleaner-core (2.0.1)
    database_cleaner-sequel (2.0.0)
      database_cleaner-core (~> 2.0.0)
      sequel
    erubi (1.10.0)
    fabrication (2.22.0)
    fast_blank (1.0.0)
    ferrum (0.11)
      addressable (~> 2.5)
      cliver (~> 0.3)
      concurrent-ruby (~> 1.1)
      websocket-driver (>= 0.6, < 0.8)
    ffi (1.15.3)
    gruff (0.14.0)
      histogram
      rmagick
    histogram (0.2.4.1)
    hot_reloader (0.7.1)
      listen (~> 3.0)
      zeitwerk (~> 2.3)
    i18n (1.8.10)
      concurrent-ruby (~> 1.0)
    interactor (3.1.2)
    interception (0.5)
    listen (3.6.0)
      rb-fsevent (~> 0.10, >= 0.10.3)
      rb-inotify (~> 0.9, >= 0.9.10)
    method_source (1.0.0)
    minitest (5.14.4)
    minitest-global_expectations (1.0.1)
      minitest (> 5)
    net-scp (3.0.0)
      net-ssh (>= 2.6.5, < 7.0.0)
    net-ssh (6.1.0)
    nio4r (2.5.7)
    only_blank (1.2.0)
      fast_blank (>= 1.0)
    pry (0.14.1)
      coderay (~> 1.1)
      method_source (~> 1.0)
    pry-rescue (1.5.2)
      interception (>= 0.5)
      pry (>= 0.12.0)
    public_suffix (4.0.6)
    puma (5.3.2)
      nio4r (~> 2.0)
    rack (2.2.3)
    rack-test (1.1.0)
      rack (>= 1.0, < 3)
    rake (13.0.6)
    rb-fsevent (0.11.0)
    rb-inotify (0.10.1)
      ffi (~> 1.0)
    rmagick (4.2.2)
    roda (3.46.0)
      rack
    sassc (2.4.0)
      ffi (~> 1.9)
    sequel (5.46.0)
    sequel-annotate (1.7.0)
      sequel (>= 4)
    sqlite3 (1.4.2)
    sshkit (1.21.2)
      net-scp (>= 1.1.2)
      net-ssh (>= 2.8.0)
    terminal-table (3.0.1)
      unicode-display_width (>= 1.1.1, < 3)
    tilt (2.0.10)
    timecop (0.9.4)
    unicode-display_width (2.0.0)
    websocket-driver (0.7.5)
      websocket-extensions (>= 0.1.0)
    websocket-extensions (0.1.5)
    zeitwerk (2.4.2)

PLATFORMS
  ruby

DEPENDENCIES
  capistrano
  capistrano-bundler
  database_cleaner-sequel
  erubi (>= 1.5)
  fabrication
  ferrum
  gruff
  hot_reloader
  interactor
  minitest-global_expectations
  only_blank
  pry-rescue
  puma
  rack-test
  rake
  roda
  sassc
  sequel
  sequel-annotate
  sqlite3
  terminal-table
  tilt
  timecop

BUNDLED WITH
   2.2.22
