GIT
  remote: https://github.com/hmdne/roda-sprockets
  revision: 433fcd6e7be9743635a3c5bc43a9baec54eb36d6
  specs:
    roda-sprockets (2.0.0rc1)
      roda (~> 3)
      sprockets (>= 2.2)
      sprockets-helpers (>= 1.4.0)

GIT
  remote: https://github.com/opal/opal-browser
  revision: d17069cb8f7d6f10ed302036c90a0fec21337ff8
  specs:
    opal-browser (0.2.0)
      opal (>= 1.0, < 2.0)
      paggio

GEM
  remote: https://rubygems.org/
  specs:
    addressable (2.8.0)
      public_suffix (>= 2.0.2, < 5.0)
    ast (2.4.2)
    brotli (0.4.0)
    cliver (0.3.2)
    coderay (1.1.3)
    concurrent-ruby (1.1.9)
    database_cleaner-core (2.0.1)
    database_cleaner-sequel (2.0.0)
      database_cleaner-core (~> 2.0.0)
      sequel
    erubi (1.10.0)
    execjs (2.8.1)
    fabrication (2.22.0)
    fast_blank (1.0.1)
    ferrum (0.11)
      addressable (~> 2.5)
      cliver (~> 0.3)
      concurrent-ruby (~> 1.1)
      websocket-driver (>= 0.6, < 0.8)
    ffi (1.15.4)
    graphql (1.12.16)
    gruff (0.14.0)
      histogram
      rmagick
    hashr (2.0.1)
    histogram (0.2.4.1)
    hot_reloader (0.7.1)
      listen (~> 3.0)
      zeitwerk (~> 2.3)
    interactor (3.1.2)
    interception (0.5)
    listen (3.7.0)
      rb-fsevent (~> 0.10, >= 0.10.3)
      rb-inotify (~> 0.9, >= 0.9.10)
    method_source (1.0.0)
    minitest (5.14.4)
    minitest-global_expectations (1.0.1)
      minitest (> 5)
    nio4r (2.5.8)
    only_blank (1.2.1)
      fast_blank (>= 1.0)
    opal (1.2.0)
      ast (>= 2.3.0)
      parser (~> 3.0)
    opal-sprockets (1.0.2)
      opal (>= 1.0, < 2.0)
      sprockets (~> 4.0)
      tilt (>= 1.4)
    paggio (0.2.6)
    parser (3.0.2.0)
      ast (~> 2.4.1)
    pry (0.14.1)
      coderay (~> 1.1)
      method_source (~> 1.0)
    pry-rescue (1.5.2)
      interception (>= 0.5)
      pry (>= 0.12.0)
    public_suffix (4.0.6)
    puma (5.4.0)
      nio4r (~> 2.0)
    rack (2.2.3)
    rack-test (1.1.0)
      rack (>= 1.0, < 3)
    rake (13.0.6)
    rb-fsevent (0.11.0)
    rb-inotify (0.10.1)
      ffi (~> 1.0)
    refrigerator (1.3.0)
    rmagick (4.2.2)
    roda (3.47.0)
      rack
    sassc (2.4.0)
      ffi (~> 1.9)
    sequel (5.48.0)
    sequel-annotate (1.7.0)
      sequel (>= 4)
    snabberb (1.5.3)
      opal (>= 1.1)
    sprockets (4.0.2)
      concurrent-ruby (~> 1.0)
      rack (> 1, < 3)
    sprockets-helpers (1.4.0)
      sprockets (>= 2.2)
    sqlite3 (1.4.2)
    terminal-table (3.0.1)
      unicode-display_width (>= 1.1.1, < 3)
    terser (1.1.5)
      execjs (>= 0.3.0, < 3)
    tilt (2.0.10)
    timecop (0.9.4)
    unicode-display_width (2.0.0)
    websocket-driver (0.7.5)
      websocket-extensions (>= 0.1.0)
    websocket-extensions (0.1.5)
    zeitwerk (2.4.2)

PLATFORMS
  ruby

DEPENDENCIES
  brotli
  database_cleaner-sequel
  erubi (>= 1.5)
  fabrication
  ferrum
  graphql
  gruff
  hashr
  hot_reloader
  interactor
  minitest-global_expectations
  only_blank
  opal-browser!
  opal-sprockets
  pry-rescue
  puma
  rack-test
  rake
  refrigerator
  roda
  roda-sprockets!
  sassc
  sequel
  sequel-annotate
  snabberb
  sqlite3
  terminal-table
  terser
  tilt
  timecop

BUNDLED WITH
   2.2.22
