GEM
  remote: https://rubygems.org/
  specs:
    addressable (2.7.0)
      public_suffix (>= 2.0.2, < 5.0)
    cliver (0.3.2)
    concurrent-ruby (1.1.8)
    ferrum (0.11)
      addressable (~> 2.5)
      cliver (~> 0.3)
      concurrent-ruby (~> 1.1)
      websocket-driver (>= 0.6, < 0.8)
    public_suffix (4.0.6)
    rack (2.2.3)
    roda (3.44.0)
      rack
    sequel (5.44.0)
    sqlite3 (1.4.2)
    terminal-table (3.0.1)
      unicode-display_width (>= 1.1.1, < 3)
    thamble (1.1.0)
      rack
    unicode-display_width (2.0.0)
    websocket-driver (0.7.4)
      websocket-extensions (>= 0.1.0)
    websocket-extensions (0.1.5)
    zeitwerk (2.4.2)

PLATFORMS
  x86_64-linux

DEPENDENCIES
  ferrum
  roda
  sequel
  sqlite3
  terminal-table
  thamble
  zeitwerk

BUNDLED WITH
   2.2.3
