GEM
  remote: https://rubygems.org/
  specs:
    addressable (2.8.0)
      public_suffix (>= 2.0.2, < 5.0)
    ast (2.4.2)
    async (1.30.1)
      console (~> 1.10)
      nio4r (~> 2.3)
      timers (~> 4.1)
    async-container (0.16.12)
      async
      async-io
    async-http (0.56.5)
      async (>= 1.25)
      async-io (>= 1.28)
      async-pool (>= 0.2)
      protocol-http (~> 0.22.0)
      protocol-http1 (~> 0.14.0)
      protocol-http2 (~> 0.14.0)
    async-http-cache (0.4.2)
      async-http (~> 0.56)
    async-io (1.32.2)
      async
    async-pool (0.3.9)
      async (>= 1.25)
    brotli (0.4.0)
    build-environment (1.13.0)
    capybara (3.36.0)
      addressable
      matrix
      mini_mime (>= 0.1.3)
      nokogiri (~> 1.8)
      rack (>= 1.6.0)
      rack-test (>= 0.6.3)
      regexp_parser (>= 1.5, < 3.0)
      xpath (~> 3.2)
    cliver (0.3.2)
    concurrent-ruby (1.1.9)
    console (1.14.0)
      fiber-local
    cuprite (0.13)
      capybara (>= 2.1, < 4)
      ferrum (~> 0.11.0)
    database_cleaner-core (2.0.1)
    database_cleaner-sequel (2.0.0)
      database_cleaner-core (~> 2.0.0)
      sequel
    erubi (1.10.0)
    execjs (2.8.1)
    fabrication (2.23.1)
    falcon (0.39.2)
      async
      async-container (~> 0.16.0)
      async-http (~> 0.56.0)
      async-http-cache (~> 0.4.0)
      async-io (~> 1.22)
      build-environment (~> 1.13)
      bundler
      localhost (~> 1.1)
      process-metrics (~> 0.2.0)
      rack (>= 1.0)
      samovar (~> 2.1)
    fast_blank (1.0.1)
    ferrum (0.11)
      addressable (~> 2.5)
      cliver (~> 0.3)
      concurrent-ruby (~> 1.1)
      websocket-driver (>= 0.6, < 0.8)
    ffi (1.15.4)
    fiber-local (1.0.0)
    graphql (1.13.2)
    gruff (0.14.0)
      histogram
      rmagick
    hashr (2.0.1)
    histogram (0.2.4.1)
    hot_reloader (0.8.1)
      listen (~> 3.0)
      zeitwerk (~> 2.3)
    listen (3.7.0)
      rb-fsevent (~> 0.10, >= 0.10.3)
      rb-inotify (~> 0.9, >= 0.9.10)
    localhost (1.1.9)
    m (1.6.0)
      method_source (>= 0.6.7)
      rake (>= 0.9.2.2)
    mapping (1.1.1)
    matrix (0.4.2)
    method_source (1.0.0)
    mini_mime (1.1.2)
    mini_portile2 (2.6.1)
    minitest (5.14.2)
    nio4r (2.5.8)
    nokogiri (1.12.5)
      mini_portile2 (~> 2.6.1)
      racc (~> 1.4)
    only_blank (1.2.1)
      fast_blank (>= 1.0)
    opal (1.3.2)
      ast (>= 2.3.0)
      parser (~> 3.0)
    opal-browser (0.3.1)
      opal (>= 1.0, < 2.0)
      paggio (>= 0.3.0)
    opal-sprockets (1.0.2)
      opal (>= 1.0, < 2.0)
      sprockets (~> 4.0)
      tilt (>= 1.4)
    paggio (0.3.0)
    parser (3.0.3.2)
      ast (~> 2.4.1)
    pastel (0.8.0)
      tty-color (~> 0.5)
    pg (1.2.3)
    process-metrics (0.2.1)
      console (~> 1.8)
      samovar (~> 2.1)
    protocol-hpack (1.4.2)
    protocol-http (0.22.5)
    protocol-http1 (0.14.2)
      protocol-http (~> 0.22)
    protocol-http2 (0.14.2)
      protocol-hpack (~> 1.4)
      protocol-http (~> 0.18)
    public_suffix (4.0.6)
    puma (5.5.2)
      nio4r (~> 2.0)
    racc (1.6.0)
    rack (2.2.3)
    rack-test (1.1.0)
      rack (>= 1.0, < 3)
    rake (13.0.6)
    rb-fsevent (0.11.0)
    rb-inotify (0.10.1)
      ffi (~> 1.0)
    refrigerator (1.3.0)
    regexp_parser (2.2.0)
    rmagick (4.2.3)
    roda (3.51.0)
      rack
    roda-enhanced_logger (0.4.0)
      roda (>= 3.19.0)
      tty-logger (>= 0.3, < 1.0)
    roda-sprockets (2.0.0)
      roda (~> 3)
      sprockets (>= 2.2)
      sprockets-helpers (>= 1.4.0)
    samovar (2.1.4)
      console (~> 1.0)
      mapping (~> 1.0)
    sassc (2.4.0)
      ffi (~> 1.9)
    sequel (5.51.0)
    sequel-annotate (1.7.0)
      sequel (>= 4)
    sequel-store (0.1.0)
      sequel
    sequel_pg (1.14.0)
      pg (>= 0.18.0, != 1.2.0)
      sequel (>= 4.38.0)
    sequel_postgresql_triggers (1.5.0)
      sequel
    service_actor (3.1.2)
    snabberb (1.5.4)
      opal (>= 1.1)
    sprockets (4.0.2)
      concurrent-ruby (~> 1.0)
      rack (> 1, < 3)
    sprockets-helpers (1.4.0)
      sprockets (>= 2.2)
    sqlite3 (1.4.2)
    terminal-table (3.0.2)
      unicode-display_width (>= 1.1.1, < 3)
    terser (1.1.8)
      execjs (>= 0.3.0, < 3)
    tilt (2.0.10)
    timecop (0.9.4)
    timers (4.3.3)
    tty-color (0.6.0)
    tty-logger (0.6.0)
      pastel (~> 0.8)
    unicode-display_width (2.1.0)
    warning (1.2.1)
    websocket-driver (0.7.5)
      websocket-extensions (>= 0.1.0)
    websocket-extensions (0.1.5)
    xpath (3.2.0)
      nokogiri (~> 1.8)
    zeitwerk (2.5.1)

PLATFORMS
  ruby

DEPENDENCIES
  brotli
  capybara
  cuprite
  database_cleaner-sequel
  erubi (>= 1.5)
  fabrication
  falcon
  ferrum
  graphql
  gruff
  hashr
  hot_reloader
  m
  minitest (= 5.14.2)
  only_blank
  opal
  opal-browser
  opal-sprockets
  pg
  puma
  rack-test
  rake (= 13.0.6)
  refrigerator
  roda
  roda-enhanced_logger
  roda-sprockets
  sassc
  sequel-annotate
  sequel-store
  sequel_pg
  sequel_postgresql_triggers
  service_actor
  snabberb
  sqlite3
  terminal-table
  terser
  tilt
  timecop
  warning

BUNDLED WITH
   2.2.32
