GEM
  remote: https://rubygems.org/
  specs:
    addressable (2.8.1)
      public_suffix (>= 2.0.2, < 6.0)
    ast (2.4.2)
    async (2.3.1)
      console (~> 1.10)
      io-event (~> 1.1)
      timers (~> 4.1)
    async-container (0.16.12)
      async
      async-io
    async-http (0.60.1)
      async (>= 1.25)
      async-io (>= 1.28)
      async-pool (>= 0.2)
      protocol-http (~> 0.24.0)
      protocol-http1 (~> 0.15.0)
      protocol-http2 (~> 0.15.0)
      traces (>= 0.8.0)
    async-http-cache (0.4.3)
      async-http (~> 0.56)
    async-io (1.34.3)
      async
    async-pool (0.3.12)
      async (>= 1.25)
    brotli (0.4.0)
    build-environment (1.13.0)
    concurrent-ruby (1.2.0)
    console (1.16.2)
      fiber-local
    database_cleaner-core (2.0.1)
    database_cleaner-sequel (2.0.2)
      database_cleaner-core (~> 2.0.0)
      sequel
    erubi (1.12.0)
    execjs (2.8.1)
    fabrication (2.30.0)
    falcon (0.42.3)
      async
      async-container (~> 0.16.0)
      async-http (~> 0.57)
      async-http-cache (~> 0.4.0)
      async-io (~> 1.22)
      build-environment (~> 1.13)
      bundler
      localhost (~> 1.1)
      openssl (~> 3.0)
      process-metrics (~> 0.2.0)
      protocol-rack (~> 0.1)
      samovar (~> 2.1)
    fast_blank (1.0.1)
    ferrum (0.13)
      addressable (~> 2.5)
      concurrent-ruby (~> 1.1)
      webrick (~> 1.7)
      websocket-driver (>= 0.6, < 0.8)
    ffi (1.15.5)
    fiber-local (1.0.0)
    graphql (2.0.16)
    gruff (0.23.0)
      histogram
      rmagick (>= 5.3)
    hashr (2.0.1)
    histogram (0.2.4.1)
    hot_reloader (0.10.0)
      listen (~> 3.7)
      zeitwerk (~> 2.6)
    io-event (1.1.6)
    listen (3.8.0)
      rb-fsevent (~> 0.10, >= 0.10.3)
      rb-inotify (~> 0.9, >= 0.9.10)
    localhost (1.1.10)
    m (1.6.1)
      method_source (>= 0.6.7)
      rake (>= 0.9.2.2)
    mapping (1.1.1)
    method_source (1.0.0)
    mini_portile2 (2.8.1)
    minitest (5.17.0)
    minitest-hooks (1.5.0)
      minitest (> 5.3)
    nio4r (2.5.8)
    only_blank (1.2.2)
      fast_blank (>= 1.0)
    opal (1.7.2)
      ast (>= 2.3.0)
      parser (~> 3.0, >= 3.0.3.2)
    opal-browser (0.3.3)
      opal (>= 1.0, < 2.0)
      paggio (>= 0.3.0)
    opal-sprockets (1.0.3)
      opal (>= 1.0, < 2.0)
      sprockets (~> 4.0)
      tilt (>= 1.4)
    openssl (3.1.0)
    paggio (0.3.0)
    parser (3.2.1.0)
      ast (~> 2.4.1)
    pastel (0.8.0)
      tty-color (~> 0.5)
    pg (1.4.5)
    pkg-config (1.5.6)
    process-metrics (0.2.1)
      console (~> 1.8)
      samovar (~> 2.1)
    protocol-hpack (1.4.2)
    protocol-http (0.24.0)
    protocol-http1 (0.15.0)
      protocol-http (~> 0.22)
    protocol-http2 (0.15.0)
      protocol-hpack (~> 1.4)
      protocol-http (~> 0.18)
    protocol-rack (0.2.4)
      protocol-http (~> 0.23)
      rack (>= 1.0)
    public_suffix (5.0.1)
    puma (6.0.2)
      nio4r (~> 2.0)
    rack (3.0.4.1)
    rack-test (2.0.2)
      rack (>= 1.3)
    rake (13.0.6)
    rb-fsevent (0.11.2)
    rb-inotify (0.10.1)
      ffi (~> 1.0)
    refrigerator (1.5.1)
    rmagick (5.3.0)
      pkg-config (~> 1.4)
    roda (3.64.0)
      rack
    roda-enhanced_logger (0.5.0)
      roda (>= 3.19.0)
      tty-logger (>= 0.3, < 1.0)
    roda-sprockets (2.0.0)
      roda (~> 3)
      sprockets (>= 2.2)
      sprockets-helpers (>= 1.4.0)
    samovar (2.1.4)
      console (~> 1.0)
      mapping (~> 1.0)
    sassc (2.4.0)
      ffi (~> 1.9)
    sequel (5.65.0)
    sequel-annotate (1.7.0)
      sequel (>= 4)
    sequel-store (0.1.0)
      sequel
    sequel_pg (1.17.1)
      pg (>= 0.18.0, != 1.2.0)
      sequel (>= 4.38.0)
    sequel_postgresql_triggers (1.5.0)
      sequel
    service_actor (3.6.1)
      zeitwerk
    snabberb (1.5.4)
      opal (>= 1.1)
    sprockets (4.2.0)
      concurrent-ruby (~> 1.0)
      rack (>= 2.2.4, < 4)
    sprockets-helpers (1.4.0)
      sprockets (>= 2.2)
    sqlite3 (1.6.0)
      mini_portile2 (~> 2.8.0)
    terminal-table (3.0.2)
      unicode-display_width (>= 1.1.1, < 3)
    terser (1.1.13)
      execjs (>= 0.3.0, < 3)
    tilt (2.0.11)
    timecop (0.9.6)
    timers (4.3.5)
    traces (0.8.0)
    tty-color (0.6.0)
    tty-logger (0.6.0)
      pastel (~> 0.8)
    unicode-display_width (2.4.2)
    warning (1.3.0)
    webrick (1.8.1)
    websocket-driver (0.7.5)
      websocket-extensions (>= 0.1.0)
    websocket-extensions (0.1.5)
    zeitwerk (2.6.7)

PLATFORMS
  ruby

DEPENDENCIES
  brotli
  database_cleaner-sequel
  erubi (>= 1.5)
  fabrication
  falcon
  ferrum
  graphql
  gruff
  hashr
  hot_reloader
  m
  minitest
  minitest-hooks
  only_blank
  opal
  opal-browser
  opal-sprockets
  pg
  puma
  rack-test
  rake (= 13.0.6)
  refrigerator
  roda
  roda-enhanced_logger
  roda-sprockets
  sassc
  sequel-annotate
  sequel-store
  sequel_pg
  sequel_postgresql_triggers
  service_actor
  snabberb
  sqlite3
  terminal-table
  terser
  tilt
  timecop
  warning

BUNDLED WITH
   2.4.6
